FRAMEWORK: NET461
NUGET
  remote: https://www.nuget.org/api/v2
    Aether (8.1.2)
    Arachne.Core (3.0)
      FParsec (>= 1.0 < 2.0)
    Arachne.Http (3.0)
      Arachne.Core (>= 3.0)
      Arachne.Language (>= 3.0)
      Arachne.Uri (>= 3.0)
      FParsec (>= 1.0 < 2.0)
    Arachne.Language (3.0)
      Arachne.Core (>= 3.0)
      FParsec (>= 1.0 < 2.0)
    Arachne.Uri (3.0)
      Arachne.Core (>= 3.0)
      FParsec (>= 1.0 < 2.0)
    Argu (3.7)
    Chiron (6.2.1)
      Aether (>= 8.0.2 < 9.0)
      FParsec (>= 1.0 < 2.0)
    Expecto (4.1)
      Argu (>= 3.2)
      FSharp.Core (>= 3.1.2.5)
      Mono.Cecil (>= 0.9.6.4)
    Expecto.FsCheck (4.1)
      Expecto (>= 4.1)
      FsCheck (>= 2.7.1)
      FSharp.Core (>= 3.1.2.5)
    FParsec (1.0.2)
    FsCheck (2.8)
      FSharp.Core (>= 3.1.2.5)
    FSharp.Core (4.1.0.2)
      System.ValueTuple (>= 4.3)
    Hopac (0.3.23)
      FSharp.Core (>= 3.1.2.5)
    Http.fs (4.1)
      FSharp.Core (>= 3.1.2.5)
      Hopac (>= 0.3.21)
    Mono.Cecil (0.9.6.4)
    NuGet.CommandLine (3.5)
    Suave (2.0.5)
      FSharp.Core (>= 4.0.0.1)
    Suave.Testing (2.0.5)
      Expecto (>= 4.0.3)
      FSharp.Core (>= 4.0.0.1)
      Suave (>= 2.0.5)
    System.ValueTuple (4.3)
GITHUB
  remote: haf/YoLo
    YoLo.fs (2ae49ac885e2f42812edbaa2dbc8d0e872653cab)