FRAMEWORK: NET461
NUGET
  remote: https://www.nuget.org/api/v2
    Aether (8.1.2)
    Arachne.Core (3.0)
      FParsec (>= 1.0 < 2.0)
    Arachne.Http (3.0)
      Arachne.Core (>= 3.0)
      Arachne.Language (>= 3.0)
      Arachne.Uri (>= 3.0)
      FParsec (>= 1.0 < 2.0)
    Arachne.Language (3.0)
      Arachne.Core (>= 3.0)
      FParsec (>= 1.0 < 2.0)
    Arachne.Uri (3.0)
      Arachne.Core (>= 3.0)
      FParsec (>= 1.0 < 2.0)
    Argu (3.3)
    Chiron (6.2.1)
      Aether (>= 8.0.2 < 9.0)
      FParsec (>= 1.0 < 2.0)
    Expecto (1.1.2)
      Argu (>= 3.2)
      FSharp.Core (>= 3.1.2.5)
    Expecto.FsCheck (1.1.2)
      Expecto (>= 1.1.2)
      FsCheck (>= 2.6.2)
      FSharp.Core (>= 3.1.2.5)
    FParsec (1.0.2)
    FsCheck (2.6.2)
      FSharp.Core (>= 3.1.2.5)
    FSharp.Core (4.0.0.1)
    Hopac (0.3.23)
      FSharp.Core (>= 3.1.2.5)
    Http.fs (4.1)
      FSharp.Core (>= 3.1.2.5)
      Hopac (>= 0.3.21)
    NuGet.CommandLine (3.4.3)
    Suave (2.0.0-rc1)
      FSharp.Core (>= 4.0.0.1)
    Suave.Testing (2.0.0-rc1)
      Expecto (>= 1.1.2)
      FSharp.Core (>= 4.0.0.1)
      Suave (>= 2.0.0-rc1)
GITHUB
  remote: haf/YoLo
    YoLo.fs (11023b9fcd2c1d28a7a0c0de5609647e3e1b03ce)