FRAMEWORK: NET45
NUGET
  remote: https://nuget.org/api/v2
  specs:
    Aether (7.0.1)
    Arachne.Core (2.3.26)
      FParsec (>= 1.0.2)
    Arachne.Http (2.3.26)
      Arachne.Core (>= 2.3.26)
      Arachne.Language (>= 2.3.26)
      Arachne.Uri (>= 2.3.26)
      FParsec (>= 1.0.2)
    Arachne.Language (2.3.26)
      Arachne.Core (>= 2.3.26)
      FParsec (>= 1.0.2)
    Arachne.Uri (2.3.26)
      Arachne.Core (>= 2.3.26)
      FParsec (>= 1.0.2)
    Chiron (5.2.1)
      Aether (>= 7.0.1)
      FParsec (>= 1.0.2)
    FParsec (1.0.2)
    FsCheck (1.0.4)
    FSharp.Core (3.1.2.1)
    FsPickler (1.5.2)
    Fuchu (0.6.0)
    Fuchu.FsCheck (0.6.0)
      FsCheck (>= 1.0.4)
      FSharp.Core (>= 3.1.2.1)
      Fuchu (>= 0.6.0.0)
    Fuchu-suave (0.6.1)
      FSharp.Core (>= 3.1.2.1)
    Http.fs-prerelease (2.3.0)
      FSharp.Core (>= 3.1.2.1)
    NuGet.CommandLine (2.8.6)
    Suave (0.30.0)
      FSharp.Core (>= 3.1.2.1)
      FsPickler (>= 1.2.5)
    Suave.Testing (0.30.0)
      Fuchu-suave (>= 0.6.1)
      Suave (>= 0.30.0)
