FRAMEWORK: NET45
NUGET
  remote: https://www.nuget.org/api/v2
  specs:
    Aether (6.0) - framework: net45
    Arachne.Core (2.0.9)
      FParsec (>= 1.0.1)
      FSharp.Core (>= 3.1.2.1)
    Arachne.Http (2.0.9)
      Arachne.Core (>= 2.0.9)
      Arachne.Language (>= 2.0.9)
      Arachne.Uri (>= 2.0.9)
      FParsec (>= 1.0.1)
      FSharp.Core (>= 3.1.2.1)
    Arachne.Language (2.0.9)
      Arachne.Core (>= 2.0.9)
      FParsec (>= 1.0.1)
      FSharp.Core (>= 3.1.2.1)
    Arachne.Uri (2.0.9) - framework: net45
      Arachne.Core (>= 2.0.9)
      FParsec (>= 1.0.1)
      FSharp.Core (>= 3.1.2.1)
    Chiron (4.1.0)
      Aether (>= 6.0.0)
      FParsec (>= 1.0.1)
      FSharp.Core (>= 3.1.2.1)
    FParsec (1.0.1) - framework: net45
    FsCheck (2.0.4) - framework: net45
      FSharp.Core (>= 3.1.2.1)
    FSharp.Core (3.1.2.5)
    FsPickler (1.2.21) - framework: net45
    Fuchu (0.6.0.0) - framework: net45
    Fuchu-suave (0.6.1) - framework: net45
      FSharp.Core (>= 3.1.2.1)
    Fuchu.FsCheck (0.6.0.0)
      FSharp.Core (>= 3.1.2.1)
      FsCheck (>= 1.0.4)
      Fuchu (>= 0.6.0.0)
    Http.fs-prerelease (2.3.0)
      FSharp.Core (>= 3.1.2.1)
    NuGet.CommandLine (2.8.6)
    Suave (0.30.0)
      FSharp.Core (>= 3.1.2.1)
      FsPickler (>= 1.2.5)
    Suave.Testing (0.30.0)
      Fuchu-suave (>= 0.6.1)
      Suave (>= 0.30.0)
