FRAMEWORK: NET45
NUGET
  remote: https://www.nuget.org/api/v2
  specs:
    Aether (8.1.1)
    Arachne.Core (2.3.27)
      FParsec
    Arachne.Http (2.3.27)
      Arachne.Core (>= 2.3.27)
      Arachne.Language (>= 2.3.27)
      Arachne.Uri (>= 2.3.27)
      FParsec
    Arachne.Language (2.3.27)
      Arachne.Core (>= 2.3.27)
      FParsec
    Arachne.Uri (2.3.27)
      Arachne.Core (>= 2.3.27)
      FParsec
    Chiron (6.0.1)
      Aether (>= 8.0.2 < 9.0.0)
      FParsec (>= 1.0.0 < 2.0.0)
    FParsec (1.0.2)
    FsCheck (1.0.4)
    FSharp.Core (3.1.2.5)
    Fuchu (1.0.2)
      FSharp.Core (>= 3.1.2.1)
    Fuchu.FsCheck (0.6.0)
      FsCheck (>= 1.0.4)
      FSharp.Core (>= 3.1.2.1)
      Fuchu (>= 0.6.0.0)
    Http.fs-prerelease (2.4.1)
      FSharp.Core (>= 3.1.2.1)
    NuGet.CommandLine (3.3.0)
    Suave (1.0.0)
      FSharp.Core (>= 3.1.2.5)
    Suave.Testing (1.0.0)
      FSharp.Core (>= 3.1.2.5)
      Fuchu (>= 1.0.2)
      Suave (>= 1.0.0)
